GEM
  remote: https://rubygems.org/
  remote: https://rails-assets.org/
  specs:
    actionmailer (4.2.9)
      actionpack (= 4.2.9)
      actionview (= 4.2.9)
      activejob (= 4.2.9)
      mail (~> 2.5, >= 2.5.4)
      rails-dom-testing (~> 1.0, >= 1.0.5)
    actionpack (4.2.9)
      actionview (= 4.2.9)
      activesupport (= 4.2.9)
      rack (~> 1.6)
      rack-test (~> 0.6.2)
      rails-dom-testing (~> 1.0, >= 1.0.5)
      rails-html-sanitizer (~> 1.0, >= 1.0.2)
    actionview (4.2.9)
      activesupport (= 4.2.9)
      builder (~> 3.1)
      erubis (~> 2.7.0)
      rails-dom-testing (~> 1.0, >= 1.0.5)
      rails-html-sanitizer (~> 1.0, >= 1.0.3)
    activejob (4.2.9)
      activesupport (= 4.2.9)
      globalid (>= 0.3.0)
    activemodel (4.2.9)
      activesupport (= 4.2.9)
      builder (~> 3.1)
    activerecord (4.2.9)
      activemodel (= 4.2.9)
      activesupport (= 4.2.9)
      arel (~> 6.0)
    activesupport (4.2.9)
      i18n (~> 0.7)
      minitest (~> 5.1)
      thread_safe (~> 0.3, >= 0.3.4)
      tzinfo (~> 1.1)
    addressable (2.5.2)
      public_suffix (>= 2.0.2, < 4.0)
    arel (6.0.4)
    builder (3.2.3)
    coderay (1.1.2)
    coffee-rails (4.0.1)
      coffee-script (>= 2.2.0)
      railties (>= 4.0.0, < 5.0)
    coffee-script (2.4.1)
      coffee-script-source
      execjs
    coffee-script-source (1.12.2)
    concurrent-ruby (1.0.5)
    configatron (4.5.1)
    connection_pool (2.2.1)
    crono (1.1.2)
      activerecord (>= 4.0)
      activesupport (>= 4.0)
    css_parser (1.6.0)
      addressable
    daemons (1.2.4)
    erubis (2.7.0)
    eventmachine (1.0.9.1)
    execjs (2.7.0)
    globalid (0.4.0)
      activesupport (>= 4.2.0)
    haml (5.0.3)
      temple (>= 0.8.0)
      tilt
    hashids (1.0.4)
    hike (1.2.3)
    htmlentities (4.3.4)
    i18n (0.8.6)
    jbuilder (2.7.0)
      activesupport (>= 4.2.0)
      multi_json (>= 1.2)
    libv8 (3.16.14.19)
    loofah (2.0.3)
      nokogiri (>= 1.5.9)
    mail (2.6.6)
      mime-types (>= 1.16, < 4)
    mailcatcher (0.6.5)
      eventmachine (= 1.0.9.1)
      mail (~> 2.3)
      rack (~> 1.5)
      sinatra (~> 1.2)
      skinny (~> 0.2.3)
      sqlite3 (~> 1.3)
      thin (~> 1.5.0)
    method_source (0.8.2)
    mime-types (3.1)
      mime-types-data (~> 3.2015)
    mime-types-data (3.2016.0521)
    mini_portile2 (2.3.0)
    minitest (5.10.3)
    mjml-rails (2.4.3)
    multi_json (1.12.2)
    nokogiri (1.8.1)
      mini_portile2 (~> 2.3.0)
    premailer (1.11.0)
      addressable
      css_parser (>= 1.6.0)
      htmlentities (>= 4.0.0)
    premailer-rails (1.9.7)
      actionmailer (>= 3, < 6)
      premailer (~> 1.7, >= 1.7.9)
    pry (0.11.0)
      coderay (~> 1.1.0)
      method_source (~> 0.8.1)
    public_suffix (3.0.0)
    quiet_assets (1.1.0)
      railties (>= 3.1, < 5.0)
    rack (1.6.8)
    rack-protection (1.5.3)
      rack
    rack-test (0.6.3)
      rack (>= 1.0)
    rails (4.2.9)
      actionmailer (= 4.2.9)
      actionpack (= 4.2.9)
      actionview (= 4.2.9)
      activejob (= 4.2.9)
      activemodel (= 4.2.9)
      activerecord (= 4.2.9)
      activesupport (= 4.2.9)
      bundler (>= 1.3.0, < 2.0)
      railties (= 4.2.9)
      sprockets-rails
    rails-assets-jquery (3.2.1)
    rails-assets-jquery-ujs (1.2.2)
      rails-assets-jquery (> 1.8)
    rails-assets-semantic-ui (2.2.13)
      rails-assets-jquery (>= 1.8)
    rails-deprecated_sanitizer (1.0.3)
      activesupport (>= 4.2.0.alpha)
    rails-dom-testing (1.0.8)
      activesupport (>= 4.2.0.beta, < 5.0)
      nokogiri (~> 1.6)
      rails-deprecated_sanitizer (>= 1.0.1)
    rails-html-sanitizer (1.0.3)
      loofah (~> 2.0)
    railties (4.2.9)
      actionpack (= 4.2.9)
      activesupport (= 4.2.9)
      rake (>= 0.8.7)
      thor (>= 0.18.1, < 2.0)
    rake (12.1.0)
    redis (3.3.3)
    ref (2.0.0)
    sass (3.2.19)
    sass-rails (4.0.5)
      railties (>= 4.0.0, < 5.0)
      sass (~> 3.2.2)
      sprockets (~> 2.8, < 3.0)
      sprockets-rails (~> 2.0)
    sidekiq (5.0.4)
      concurrent-ruby (~> 1.0)
      connection_pool (~> 2.2, >= 2.2.0)
      rack-protection (>= 1.5.0)
      redis (~> 3.3, >= 3.3.3)
    sinatra (1.4.8)
      rack (~> 1.5)
      rack-protection (~> 1.4)
      tilt (>= 1.3, < 3)
    skinny (0.2.4)
      eventmachine (~> 1.0.0)
      thin (>= 1.5, < 1.7)
    slim (3.0.8)
      temple (>= 0.7.6, < 0.9)
      tilt (>= 1.3.3, < 2.1)
    spring (2.0.2)
      activesupport (>= 4.2)
    sprockets (2.12.4)
      hike (~> 1.2)
      multi_json (~> 1.0)
      rack (~> 1.0)
      tilt (~> 1.1, != 1.3.0)
    sprockets-rails (2.3.3)
      actionpack (>= 3.0)
      activesupport (>= 3.0)
      sprockets (>= 2.8, < 4.0)
    sqlite3 (1.3.13)
    temple (0.8.0)
    therubyracer (0.12.3)
      libv8 (~> 3.16.14.15)
      ref
    thin (1.5.1)
      daemons (>= 1.0.9)
      eventmachine (>= 0.12.6)
      rack (>= 1.0.0)
    thor (0.20.0)
    thread_safe (0.3.6)
    tilt (1.4.1)
    turbolinks (5.0.1)
      turbolinks-source (~> 5)
    turbolinks-source (5.0.3)
    tzinfo (1.2.3)
      thread_safe (~> 0.1)
    uglifier (3.2.0)
      execjs (>= 0.3.0, < 3)

PLATFORMS
  ruby

DEPENDENCIES
  bundler (>= 1.8.4)
  coffee-rails (~> 4.0.0)
  configatron
  crono
  execjs
  haml
  hashids
  jbuilder (~> 2.0)
  mailcatcher
  mjml-rails
  nokogiri
  premailer-rails
  pry
  quiet_assets
  rails (= 4.2.9)
  rails-assets-jquery!
  rails-assets-jquery-ujs!
  rails-assets-semantic-ui!
  sass-rails (~> 4.0.3)
  sidekiq
  sinatra
  slim
  spring
  sqlite3
  therubyracer
  thin
  turbolinks
  uglifier (>= 1.3.0)

BUNDLED WITH
   1.15.4
